GIT
  remote: https://github.com/thoughtbot/shoulda-matchers.git
  revision: 4b160bd19ecca7f97d7ac22dccd5fde9b0da5a9f
  branch: rails-5
  specs:
    shoulda-matchers (3.1.2)
      activesupport (>= 4.2.0)

GEM
  remote: https://rubygems.org/
  specs:
    actioncable (5.1.7)
      actionpack (= 5.1.7)
      nio4r (~> 2.0)
      websocket-driver (~> 0.6.1)
    actionmailer (5.1.7)
      actionpack (= 5.1.7)
      actionview (= 5.1.7)
      activejob (= 5.1.7)
      mail (~> 2.5, >= 2.5.4)
      rails-dom-testing (~> 2.0)
    actionpack (5.1.7)
      actionview (= 5.1.7)
      activesupport (= 5.1.7)
      rack (~> 2.0)
      rack-test (>= 0.6.3)
      rails-dom-testing (~> 2.0)
      rails-html-sanitizer (~> 1.0, >= 1.0.2)
    actionview (5.1.7)
      activesupport (= 5.1.7)
      builder (~> 3.1)
      erubi (~> 1.4)
      rails-dom-testing (~> 2.0)
      rails-html-sanitizer (~> 1.0, >= 1.0.3)
    activejob (5.1.7)
      activesupport (= 5.1.7)
      globalid (>= 0.3.6)
    activemodel (5.1.7)
      activesupport (= 5.1.7)
    activerecord (5.1.7)
      activemodel (= 5.1.7)
      activesupport (= 5.1.7)
      arel (~> 8.0)
    activesupport (5.1.7)
      concurrent-ruby (~> 1.0, >= 1.0.2)
      i18n (>= 0.7, < 2)
      minitest (~> 5.1)
      tzinfo (~> 1.1)
<<<<<<< HEAD
<<<<<<< HEAD
<<<<<<< HEAD
<<<<<<< HEAD
<<<<<<< HEAD
<<<<<<< HEAD
<<<<<<< HEAD
<<<<<<< HEAD
<<<<<<< HEAD
<<<<<<< HEAD
    addressable (2.5.2)
      public_suffix (>= 2.0.2, < 4.0)
    archive-zip (0.11.0)
=======
    addressable (2.7.0)
      public_suffix (>= 2.0.2, < 5.0)
    archive-zip (0.12.0)
>>>>>>> my-07-requests
=======
    addressable (2.7.0)
      public_suffix (>= 2.0.2, < 5.0)
    archive-zip (0.12.0)
>>>>>>> my-08-dry-specs
=======
    addressable (2.7.0)
      public_suffix (>= 2.0.2, < 5.0)
    archive-zip (0.12.0)
>>>>>>> my-09-test-faster
=======
    addressable (2.7.0)
      public_suffix (>= 2.0.2, < 5.0)
    archive-zip (0.12.0)
>>>>>>> my-10-testing-the-rest
=======
    addressable (2.7.0)
      public_suffix (>= 2.0.2, < 5.0)
    archive-zip (0.12.0)
>>>>>>> my-11-tdd
      io-like (~> 0.3.0)
=======
    addressable (2.7.0)
      public_suffix (>= 2.0.2, < 5.0)
>>>>>>> my-02-setup
=======
    addressable (2.7.0)
      public_suffix (>= 2.0.2, < 5.0)
>>>>>>> my-03-models
=======
    addressable (2.7.0)
      public_suffix (>= 2.0.2, < 5.0)
>>>>>>> my-04-factories
=======
    addressable (2.7.0)
      public_suffix (>= 2.0.2, < 5.0)
>>>>>>> my-05-controllers
=======
    addressable (2.7.0)
      public_suffix (>= 2.0.2, < 5.0)
>>>>>>> my-06-features
    arel (8.0.0)
    autoprefixer-rails (10.2.4.0)
      execjs
    bcrypt (3.1.16)
    bindex (0.8.1)
    bootstrap-sass (3.4.1)
      autoprefixer-rails (>= 5.2.1)
<<<<<<< HEAD
<<<<<<< HEAD
<<<<<<< HEAD
<<<<<<< HEAD
<<<<<<< HEAD
<<<<<<< HEAD
<<<<<<< HEAD
<<<<<<< HEAD
<<<<<<< HEAD
<<<<<<< HEAD
      sass (>= 3.3.4)
    builder (3.2.3)
    byebug (9.0.6)
=======
      sassc (>= 2.0.0)
    builder (3.2.4)
    byebug (11.1.3)
>>>>>>> my-07-requests
=======
      sassc (>= 2.0.0)
    builder (3.2.4)
    byebug (11.1.3)
>>>>>>> my-11-tdd
    capybara (2.15.4)
=======
=======
>>>>>>> my-03-models
=======
>>>>>>> my-04-factories
=======
>>>>>>> my-05-controllers
      sassc (>= 2.0.0)
    builder (3.2.4)
    byebug (11.1.3)
    capybara (2.13.0)
>>>>>>> my-02-setup
=======
=======
>>>>>>> my-08-dry-specs
=======
>>>>>>> my-09-test-faster
=======
>>>>>>> my-10-testing-the-rest
      sassc (>= 2.0.0)
    builder (3.2.4)
    byebug (11.1.3)
    capybara (2.15.4)
>>>>>>> my-06-features
      addressable
      mini_mime (>= 0.1.3)
      nokogiri (>= 1.3.3)
      rack (>= 1.0.0)
      rack-test (>= 0.5.4)
      xpath (~> 2.0)
<<<<<<< HEAD
<<<<<<< HEAD
<<<<<<< HEAD
<<<<<<< HEAD
<<<<<<< HEAD
<<<<<<< HEAD
<<<<<<< HEAD
<<<<<<< HEAD
<<<<<<< HEAD
<<<<<<< HEAD
    childprocess (0.8.0)
      ffi (~> 1.0, >= 1.0.11)
    chromedriver-helper (1.2.0)
=======
    childprocess (3.0.0)
    chromedriver-helper (2.1.1)
>>>>>>> my-07-requests
=======
    childprocess (3.0.0)
    chromedriver-helper (2.1.1)
>>>>>>> my-08-dry-specs
=======
    childprocess (3.0.0)
    chromedriver-helper (2.1.1)
>>>>>>> my-09-test-faster
=======
    childprocess (3.0.0)
    chromedriver-helper (2.1.1)
>>>>>>> my-10-testing-the-rest
=======
    childprocess (3.0.0)
    chromedriver-helper (2.1.1)
>>>>>>> my-11-tdd
      archive-zip (~> 0.10)
      nokogiri (~> 1.8)
=======
    childprocess (3.0.0)
>>>>>>> my-02-setup
=======
    childprocess (3.0.0)
>>>>>>> my-03-models
=======
    childprocess (3.0.0)
>>>>>>> my-04-factories
=======
    childprocess (3.0.0)
>>>>>>> my-05-controllers
=======
    childprocess (3.0.0)
>>>>>>> my-06-features
    climate_control (0.2.0)
    coffee-rails (4.2.2)
      coffee-script (>= 2.2.0)
      railties (>= 4.0.0)
    coffee-script (2.4.1)
      coffee-script-source
      execjs
    coffee-script-source (1.12.2)
<<<<<<< HEAD
<<<<<<< HEAD
<<<<<<< HEAD
<<<<<<< HEAD
<<<<<<< HEAD
<<<<<<< HEAD
<<<<<<< HEAD
<<<<<<< HEAD
<<<<<<< HEAD
<<<<<<< HEAD
    concurrent-ruby (1.0.5)
    crack (0.4.3)
      safe_yaml (~> 1.0.0)
    crass (1.0.4)
    devise (4.4.3)
=======
    concurrent-ruby (1.1.8)
    crass (1.0.6)
    devise (4.7.3)
>>>>>>> my-02-setup
=======
    concurrent-ruby (1.1.8)
    crass (1.0.6)
    devise (4.7.3)
>>>>>>> my-03-models
=======
    concurrent-ruby (1.1.8)
    crass (1.0.6)
    devise (4.7.3)
>>>>>>> my-04-factories
=======
    concurrent-ruby (1.1.8)
    crass (1.0.6)
    devise (4.7.3)
>>>>>>> my-05-controllers
=======
    concurrent-ruby (1.1.8)
    crass (1.0.6)
    devise (4.7.3)
>>>>>>> my-06-features
=======
    concurrent-ruby (1.1.8)
    crass (1.0.6)
    devise (4.7.3)
>>>>>>> my-07-requests
=======
    concurrent-ruby (1.1.8)
    crass (1.0.6)
    devise (4.7.3)
>>>>>>> my-08-dry-specs
=======
    concurrent-ruby (1.1.8)
    crass (1.0.6)
    devise (4.7.3)
>>>>>>> my-09-test-faster
=======
=======
>>>>>>> my-11-tdd
    concurrent-ruby (1.1.8)
    crack (0.4.5)
      rexml
    crass (1.0.6)
    devise (4.7.3)
<<<<<<< HEAD
>>>>>>> my-10-testing-the-rest
=======
>>>>>>> my-11-tdd
      bcrypt (~> 3.0)
      orm_adapter (~> 0.1)
      railties (>= 4.1.0)
      responders
      warden (~> 1.2.3)
<<<<<<< HEAD
<<<<<<< HEAD
<<<<<<< HEAD
<<<<<<< HEAD
<<<<<<< HEAD
<<<<<<< HEAD
<<<<<<< HEAD
<<<<<<< HEAD
<<<<<<< HEAD
<<<<<<< HEAD
    diff-lcs (1.3)
    erubi (1.7.1)
=======
    diff-lcs (1.4.4)
    erubi (1.10.0)
>>>>>>> my-04-factories
=======
    diff-lcs (1.4.4)
    erubi (1.10.0)
>>>>>>> my-05-controllers
=======
    diff-lcs (1.4.4)
    erubi (1.10.0)
>>>>>>> my-06-features
=======
    diff-lcs (1.4.4)
    erubi (1.10.0)
>>>>>>> my-07-requests
=======
    diff-lcs (1.4.4)
    erubi (1.10.0)
>>>>>>> my-08-dry-specs
=======
    diff-lcs (1.4.4)
    erubi (1.10.0)
>>>>>>> my-09-test-faster
=======
    diff-lcs (1.4.4)
    erubi (1.10.0)
>>>>>>> my-10-testing-the-rest
=======
    diff-lcs (1.4.4)
    erubi (1.10.0)
>>>>>>> my-11-tdd
    execjs (2.7.0)
    factory_bot (4.10.0)
      activesupport (>= 3.0.0)
    factory_bot_rails (4.10.0)
      factory_bot (~> 4.10.0)
      railties (>= 3.0.0)
<<<<<<< HEAD
<<<<<<< HEAD
<<<<<<< HEAD
<<<<<<< HEAD
<<<<<<< HEAD
<<<<<<< HEAD
<<<<<<< HEAD
<<<<<<< HEAD
    faker (1.7.3)
      i18n (~> 0.5)
    ffi (1.9.18)
    geocoder (1.4.9)
    globalid (0.4.0)
=======
    faker (2.17.0)
      i18n (>= 1.6, < 2)
    ffi (1.15.0)
    geocoder (1.6.6)
    globalid (0.4.2)
>>>>>>> my-11-tdd
      activesupport (>= 4.2.0)
    hashdiff (1.0.1)
    i18n (1.8.9)
      concurrent-ruby (~> 1.0)
<<<<<<< HEAD
    io-like (0.3.0)
    jbuilder (2.6.3)
      activesupport (>= 3.0.0, < 5.2)
      multi_json (~> 1.2)
    jquery-rails (4.3.1)
=======
    diff-lcs (1.4.4)
    erubi (1.10.0)
    execjs (2.7.0)
    faker (2.16.0)
      i18n (>= 1.6, < 2)
    ffi (1.15.0)
    geocoder (1.6.6)
    globalid (0.4.2)
      activesupport (>= 4.2.0)
    i18n (1.8.9)
      concurrent-ruby (~> 1.0)
    jbuilder (2.11.2)
      activesupport (>= 5.0.0)
    jquery-rails (4.4.0)
>>>>>>> my-02-setup
=======
    diff-lcs (1.4.4)
    erubi (1.10.0)
    execjs (2.7.0)
    faker (2.16.0)
      i18n (>= 1.6, < 2)
    ffi (1.15.0)
    geocoder (1.6.6)
    globalid (0.4.2)
      activesupport (>= 4.2.0)
    i18n (1.8.9)
      concurrent-ruby (~> 1.0)
    jbuilder (2.11.2)
      activesupport (>= 5.0.0)
    jquery-rails (4.4.0)
>>>>>>> my-03-models
=======
    faker (2.17.0)
      i18n (>= 1.6, < 2)
    ffi (1.15.0)
    geocoder (1.6.6)
    globalid (0.4.2)
      activesupport (>= 4.2.0)
    i18n (1.8.9)
      concurrent-ruby (~> 1.0)
    jbuilder (2.11.2)
      activesupport (>= 5.0.0)
    jquery-rails (4.4.0)
>>>>>>> my-04-factories
=======
    faker (2.17.0)
      i18n (>= 1.6, < 2)
    ffi (1.15.0)
    geocoder (1.6.6)
    globalid (0.4.2)
      activesupport (>= 4.2.0)
    i18n (1.8.9)
      concurrent-ruby (~> 1.0)
    jbuilder (2.11.2)
      activesupport (>= 5.0.0)
    jquery-rails (4.4.0)
>>>>>>> my-05-controllers
=======
    faker (2.17.0)
      i18n (>= 1.6, < 2)
    ffi (1.15.0)
    geocoder (1.6.6)
    globalid (0.4.2)
      activesupport (>= 4.2.0)
    i18n (1.8.9)
      concurrent-ruby (~> 1.0)
    jbuilder (2.11.2)
      activesupport (>= 5.0.0)
    jquery-rails (4.4.0)
>>>>>>> my-06-features
=======
    faker (2.17.0)
      i18n (>= 1.6, < 2)
    ffi (1.15.0)
    geocoder (1.6.6)
    globalid (0.4.2)
      activesupport (>= 4.2.0)
    i18n (1.8.9)
      concurrent-ruby (~> 1.0)
=======
    faker (2.17.0)
      i18n (>= 1.6, < 2)
    ffi (1.15.0)
    geocoder (1.6.6)
    globalid (0.4.2)
      activesupport (>= 4.2.0)
    i18n (1.8.9)
      concurrent-ruby (~> 1.0)
>>>>>>> my-08-dry-specs
=======
    faker (2.17.0)
      i18n (>= 1.6, < 2)
    ffi (1.15.0)
    geocoder (1.6.6)
    globalid (0.4.2)
      activesupport (>= 4.2.0)
    i18n (1.8.9)
      concurrent-ruby (~> 1.0)
>>>>>>> my-09-test-faster
=======
    faker (2.17.0)
      i18n (>= 1.6, < 2)
    ffi (1.15.0)
    geocoder (1.6.6)
    globalid (0.4.2)
      activesupport (>= 4.2.0)
    hashdiff (1.0.1)
    i18n (1.8.9)
      concurrent-ruby (~> 1.0)
>>>>>>> my-10-testing-the-rest
=======
>>>>>>> my-11-tdd
    io-like (0.3.1)
    jbuilder (2.11.2)
      activesupport (>= 5.0.0)
    jquery-rails (4.4.0)
<<<<<<< HEAD
<<<<<<< HEAD
<<<<<<< HEAD
<<<<<<< HEAD
>>>>>>> my-07-requests
=======
>>>>>>> my-08-dry-specs
=======
>>>>>>> my-09-test-faster
=======
>>>>>>> my-10-testing-the-rest
=======
>>>>>>> my-11-tdd
      rails-dom-testing (>= 1, < 3)
      railties (>= 4.2.0)
      thor (>= 0.14, < 2.0)
    launchy (2.4.3)
      addressable (~> 2.3)
    listen (3.1.5)
      rb-fsevent (~> 0.9, >= 0.9.4)
      rb-inotify (~> 0.9, >= 0.9.7)
      ruby_dep (~> 1.2)
    loofah (2.9.0)
      crass (~> 1.0.2)
      nokogiri (>= 1.5.9)
    mail (2.7.1)
      mini_mime (>= 0.1.1)
    method_source (1.0.0)
    mime-types (3.3.1)
      mime-types-data (~> 3.2015)
<<<<<<< HEAD
<<<<<<< HEAD
<<<<<<< HEAD
<<<<<<< HEAD
<<<<<<< HEAD
<<<<<<< HEAD
<<<<<<< HEAD
<<<<<<< HEAD
<<<<<<< HEAD
<<<<<<< HEAD
    mime-types-data (3.2016.0521)
    mimemagic (0.3.2)
    mini_mime (0.1.4)
    mini_portile2 (2.3.0)
    minitest (5.11.3)
    multi_json (1.12.1)
    nio4r (2.0.0)
    nokogiri (1.8.4)
      mini_portile2 (~> 2.3.0)
=======
=======
>>>>>>> my-03-models
=======
>>>>>>> my-04-factories
=======
>>>>>>> my-05-controllers
=======
>>>>>>> my-06-features
=======
>>>>>>> my-07-requests
=======
>>>>>>> my-08-dry-specs
=======
>>>>>>> my-09-test-faster
=======
>>>>>>> my-10-testing-the-rest
=======
>>>>>>> my-11-tdd
    mime-types-data (3.2021.0225)
    mimemagic (0.3.5)
    mini_mime (1.0.2)
    mini_portile2 (2.5.0)
    minitest (5.14.4)
    nio4r (2.5.7)
<<<<<<< HEAD
<<<<<<< HEAD
<<<<<<< HEAD
<<<<<<< HEAD
<<<<<<< HEAD
<<<<<<< HEAD
<<<<<<< HEAD
<<<<<<< HEAD
    nokogiri (1.11.1)
      mini_portile2 (~> 2.5.0)
      racc (~> 1.4)
<<<<<<< HEAD
>>>>>>> my-02-setup
=======
>>>>>>> my-03-models
=======
    nokogiri (1.11.2)
      mini_portile2 (~> 2.5.0)
      racc (~> 1.4)
>>>>>>> my-04-factories
=======
    nokogiri (1.11.2)
      mini_portile2 (~> 2.5.0)
      racc (~> 1.4)
>>>>>>> my-05-controllers
=======
    nokogiri (1.11.2)
      mini_portile2 (~> 2.5.0)
      racc (~> 1.4)
>>>>>>> my-06-features
=======
    nokogiri (1.11.2)
      mini_portile2 (~> 2.5.0)
      racc (~> 1.4)
>>>>>>> my-07-requests
=======
    nokogiri (1.11.2)
      mini_portile2 (~> 2.5.0)
      racc (~> 1.4)
>>>>>>> my-08-dry-specs
=======
    nokogiri (1.11.2)
      mini_portile2 (~> 2.5.0)
      racc (~> 1.4)
>>>>>>> my-09-test-faster
=======
    nokogiri (1.11.2)
      mini_portile2 (~> 2.5.0)
      racc (~> 1.4)
>>>>>>> my-10-testing-the-rest
=======
    nokogiri (1.11.2)
      mini_portile2 (~> 2.5.0)
      racc (~> 1.4)
>>>>>>> my-11-tdd
    orm_adapter (0.5.0)
    paperclip (6.1.0)
      activemodel (>= 4.2.0)
      activesupport (>= 4.2.0)
      mime-types
      mimemagic (~> 0.3.0)
<<<<<<< HEAD
<<<<<<< HEAD
<<<<<<< HEAD
<<<<<<< HEAD
<<<<<<< HEAD
<<<<<<< HEAD
<<<<<<< HEAD
<<<<<<< HEAD
<<<<<<< HEAD
<<<<<<< HEAD
    public_suffix (3.0.0)
    puma (3.8.2)
    rack (2.0.5)
    rack-test (0.6.3)
      rack (>= 1.0)
    rails (5.1.1)
      actioncable (= 5.1.1)
      actionmailer (= 5.1.1)
      actionpack (= 5.1.1)
      actionview (= 5.1.1)
      activejob (= 5.1.1)
      activemodel (= 5.1.1)
      activerecord (= 5.1.1)
      activesupport (= 5.1.1)
      bundler (>= 1.3.0, < 2.0)
      railties (= 5.1.1)
=======
=======
>>>>>>> my-03-models
=======
>>>>>>> my-04-factories
=======
>>>>>>> my-05-controllers
=======
>>>>>>> my-06-features
=======
>>>>>>> my-07-requests
=======
>>>>>>> my-08-dry-specs
=======
>>>>>>> my-09-test-faster
=======
>>>>>>> my-10-testing-the-rest
=======
>>>>>>> my-11-tdd
      terrapin (~> 0.6.0)
    public_suffix (4.0.6)
    puma (3.12.6)
    racc (1.5.2)
    rack (2.2.3)
    rack-test (1.1.0)
      rack (>= 1.0, < 3)
    rails (5.1.7)
      actioncable (= 5.1.7)
      actionmailer (= 5.1.7)
      actionpack (= 5.1.7)
      actionview (= 5.1.7)
      activejob (= 5.1.7)
      activemodel (= 5.1.7)
      activerecord (= 5.1.7)
      activesupport (= 5.1.7)
      bundler (>= 1.3.0)
      railties (= 5.1.7)
<<<<<<< HEAD
<<<<<<< HEAD
<<<<<<< HEAD
<<<<<<< HEAD
<<<<<<< HEAD
<<<<<<< HEAD
<<<<<<< HEAD
<<<<<<< HEAD
<<<<<<< HEAD
>>>>>>> my-02-setup
=======
>>>>>>> my-03-models
=======
>>>>>>> my-04-factories
=======
>>>>>>> my-05-controllers
=======
>>>>>>> my-06-features
=======
>>>>>>> my-07-requests
=======
>>>>>>> my-08-dry-specs
=======
>>>>>>> my-09-test-faster
=======
>>>>>>> my-10-testing-the-rest
=======
>>>>>>> my-11-tdd
      sprockets-rails (>= 2.0.0)
    rails-dom-testing (2.0.3)
      activesupport (>= 4.2.0)
      nokogiri (>= 1.6)
    rails-html-sanitizer (1.3.0)
      loofah (~> 2.3)
    railties (5.1.7)
      actionpack (= 5.1.7)
      activesupport (= 5.1.7)
      method_source
      rake (>= 0.8.7)
      thor (>= 0.18.1, < 2.0)
<<<<<<< HEAD
<<<<<<< HEAD
<<<<<<< HEAD
<<<<<<< HEAD
<<<<<<< HEAD
<<<<<<< HEAD
<<<<<<< HEAD
<<<<<<< HEAD
<<<<<<< HEAD
<<<<<<< HEAD
    rake (12.3.1)
    rb-fsevent (0.9.8)
    rb-inotify (0.9.8)
      ffi (>= 0.5.0)
    responders (2.4.0)
      actionpack (>= 4.2.0, < 5.3)
      railties (>= 4.2.0, < 5.3)
    rspec-core (3.8.0)
      rspec-support (~> 3.8.0)
    rspec-expectations (3.8.1)
      diff-lcs (>= 1.2.0, < 2.0)
      rspec-support (~> 3.8.0)
    rspec-mocks (3.8.0)
      diff-lcs (>= 1.2.0, < 2.0)
      rspec-support (~> 3.8.0)
    rspec-rails (3.8.0)
      actionpack (>= 3.0)
      activesupport (>= 3.0)
      railties (>= 3.0)
      rspec-core (~> 3.8.0)
      rspec-expectations (~> 3.8.0)
      rspec-mocks (~> 3.8.0)
      rspec-support (~> 3.8.0)
    rspec-support (3.8.0)
    ruby_dep (1.5.0)
    rubyzip (1.2.1)
    safe_yaml (1.0.4)
    sass (3.4.23)
    sass-rails (5.0.6)
=======
=======
>>>>>>> my-03-models
=======
>>>>>>> my-04-factories
=======
>>>>>>> my-05-controllers
=======
>>>>>>> my-06-features
=======
>>>>>>> my-07-requests
=======
>>>>>>> my-08-dry-specs
=======
>>>>>>> my-09-test-faster
=======
>>>>>>> my-10-testing-the-rest
=======
>>>>>>> my-11-tdd
    rake (13.0.3)
    rb-fsevent (0.10.4)
    rb-inotify (0.10.1)
      ffi (~> 1.0)
    responders (3.0.1)
      actionpack (>= 5.0)
      railties (>= 5.0)
<<<<<<< HEAD
<<<<<<< HEAD
=======
    rexml (3.2.4)
>>>>>>> my-10-testing-the-rest
=======
    rexml (3.2.4)
>>>>>>> my-11-tdd
    rspec-core (3.6.0)
      rspec-support (~> 3.6.0)
    rspec-expectations (3.6.0)
      diff-lcs (>= 1.2.0, < 2.0)
      rspec-support (~> 3.6.0)
    rspec-mocks (3.6.0)
      diff-lcs (>= 1.2.0, < 2.0)
      rspec-support (~> 3.6.0)
    rspec-rails (3.6.1)
      actionpack (>= 3.0)
      activesupport (>= 3.0)
      railties (>= 3.0)
      rspec-core (~> 3.6.0)
      rspec-expectations (~> 3.6.0)
      rspec-mocks (~> 3.6.0)
      rspec-support (~> 3.6.0)
    rspec-support (3.6.0)
    ruby_dep (1.5.0)
    rubyzip (2.3.0)
    sass (3.7.4)
      sass-listen (~> 4.0.0)
    sass-listen (4.0.0)
      rb-fsevent (~> 0.9, >= 0.9.4)
      rb-inotify (~> 0.9, >= 0.9.7)
    sass-rails (5.0.7)
<<<<<<< HEAD
<<<<<<< HEAD
<<<<<<< HEAD
<<<<<<< HEAD
<<<<<<< HEAD
<<<<<<< HEAD
<<<<<<< HEAD
<<<<<<< HEAD
<<<<<<< HEAD
>>>>>>> my-02-setup
=======
>>>>>>> my-03-models
=======
>>>>>>> my-04-factories
=======
>>>>>>> my-05-controllers
=======
>>>>>>> my-06-features
=======
>>>>>>> my-07-requests
=======
>>>>>>> my-08-dry-specs
=======
>>>>>>> my-09-test-faster
=======
>>>>>>> my-10-testing-the-rest
=======
>>>>>>> my-11-tdd
      railties (>= 4.0.0, < 6)
      sass (~> 3.1)
      sprockets (>= 2.8, < 4.0)
      sprockets-rails (>= 2.0, < 4.0)
      tilt (>= 1.1, < 3)
<<<<<<< HEAD
<<<<<<< HEAD
<<<<<<< HEAD
<<<<<<< HEAD
<<<<<<< HEAD
<<<<<<< HEAD
<<<<<<< HEAD
<<<<<<< HEAD
<<<<<<< HEAD
<<<<<<< HEAD
    selenium-webdriver (3.6.0)
      childprocess (~> 0.5)
      rubyzip (~> 1.0)
    spring (2.0.1)
      activesupport (>= 4.2)
=======
=======
>>>>>>> my-03-models
=======
>>>>>>> my-04-factories
=======
>>>>>>> my-05-controllers
=======
>>>>>>> my-06-features
=======
>>>>>>> my-07-requests
=======
>>>>>>> my-08-dry-specs
=======
>>>>>>> my-09-test-faster
=======
>>>>>>> my-10-testing-the-rest
=======
>>>>>>> my-11-tdd
    sassc (2.4.0)
      ffi (~> 1.9)
    selenium-webdriver (3.142.7)
      childprocess (>= 0.5, < 4.0)
      rubyzip (>= 1.2.2)
    spring (2.1.1)
<<<<<<< HEAD
<<<<<<< HEAD
<<<<<<< HEAD
<<<<<<< HEAD
<<<<<<< HEAD
<<<<<<< HEAD
<<<<<<< HEAD
<<<<<<< HEAD
<<<<<<< HEAD
>>>>>>> my-02-setup
=======
>>>>>>> my-03-models
=======
>>>>>>> my-04-factories
=======
>>>>>>> my-05-controllers
=======
>>>>>>> my-06-features
=======
>>>>>>> my-07-requests
=======
>>>>>>> my-08-dry-specs
=======
>>>>>>> my-09-test-faster
=======
>>>>>>> my-10-testing-the-rest
=======
>>>>>>> my-11-tdd
    spring-commands-rspec (1.0.4)
      spring (>= 0.9.1)
    spring-watcher-listen (2.0.1)
      listen (>= 2.7, < 4.0)
      spring (>= 1.2, < 3.0)
    sprockets (3.7.2)
      concurrent-ruby (~> 1.0)
      rack (> 1, < 3)
    sprockets-rails (3.2.2)
      actionpack (>= 4.0)
      activesupport (>= 4.0)
      sprockets (>= 3.0.0)
    sqlite3 (1.4.2)
    terrapin (0.6.0)
      climate_control (>= 0.0.3, < 1.0)
    thor (1.1.0)
    thread_safe (0.3.6)
    tilt (2.0.10)
    turbolinks (5.2.1)
      turbolinks-source (~> 5.2)
    turbolinks-source (5.2.0)
    tzinfo (1.2.9)
      thread_safe (~> 0.1)
    uglifier (4.2.0)
      execjs (>= 0.3.0, < 3)
<<<<<<< HEAD
<<<<<<< HEAD
<<<<<<< HEAD
<<<<<<< HEAD
<<<<<<< HEAD
<<<<<<< HEAD
<<<<<<< HEAD
<<<<<<< HEAD
<<<<<<< HEAD
<<<<<<< HEAD
    vcr (3.0.3)
    warden (1.2.7)
      rack (>= 1.0)
    web-console (3.5.0)
=======
    warden (1.2.9)
      rack (>= 2.0.9)
    web-console (3.7.0)
>>>>>>> my-02-setup
=======
    warden (1.2.9)
      rack (>= 2.0.9)
    web-console (3.7.0)
>>>>>>> my-03-models
=======
    warden (1.2.9)
      rack (>= 2.0.9)
    web-console (3.7.0)
>>>>>>> my-04-factories
=======
    warden (1.2.9)
      rack (>= 2.0.9)
    web-console (3.7.0)
>>>>>>> my-05-controllers
=======
    warden (1.2.9)
      rack (>= 2.0.9)
    web-console (3.7.0)
>>>>>>> my-06-features
=======
    warden (1.2.9)
      rack (>= 2.0.9)
    web-console (3.7.0)
>>>>>>> my-07-requests
=======
    warden (1.2.9)
      rack (>= 2.0.9)
    web-console (3.7.0)
>>>>>>> my-08-dry-specs
=======
    warden (1.2.9)
      rack (>= 2.0.9)
    web-console (3.7.0)
>>>>>>> my-09-test-faster
=======
=======
>>>>>>> my-11-tdd
    vcr (6.0.0)
    warden (1.2.9)
      rack (>= 2.0.9)
    web-console (3.7.0)
<<<<<<< HEAD
>>>>>>> my-10-testing-the-rest
=======
>>>>>>> my-11-tdd
      actionview (>= 5.0)
      activemodel (>= 5.0)
      bindex (>= 0.4.0)
      railties (>= 5.0)
<<<<<<< HEAD
<<<<<<< HEAD
<<<<<<< HEAD
<<<<<<< HEAD
<<<<<<< HEAD
<<<<<<< HEAD
<<<<<<< HEAD
    webmock (3.0.1)
=======
    webmock (3.12.1)
>>>>>>> my-11-tdd
      addressable (>= 2.3.6)
      crack (>= 0.3.2)
      hashdiff (>= 0.4.0, < 2.0.0)
    websocket-driver (0.6.5)
      websocket-extensions (>= 0.1.0)
<<<<<<< HEAD
<<<<<<< HEAD
<<<<<<< HEAD
<<<<<<< HEAD
    websocket-extensions (0.1.2)
=======
    websocket-driver (0.6.5)
      websocket-extensions (>= 0.1.0)
    websocket-extensions (0.1.5)
>>>>>>> my-02-setup
=======
    websocket-driver (0.6.5)
      websocket-extensions (>= 0.1.0)
    websocket-extensions (0.1.5)
>>>>>>> my-03-models
=======
    websocket-driver (0.6.5)
      websocket-extensions (>= 0.1.0)
    websocket-extensions (0.1.5)
>>>>>>> my-04-factories
=======
    websocket-driver (0.6.5)
      websocket-extensions (>= 0.1.0)
    websocket-extensions (0.1.5)
>>>>>>> my-05-controllers
=======
    webdrivers (4.5.0)
      nokogiri (~> 1.6)
      rubyzip (>= 1.3.0)
      selenium-webdriver (>= 3.0, < 4.0)
    websocket-driver (0.6.5)
      websocket-extensions (>= 0.1.0)
    websocket-extensions (0.1.5)
>>>>>>> my-06-features
=======
    websocket-extensions (0.1.5)
>>>>>>> my-07-requests
=======
    websocket-extensions (0.1.5)
>>>>>>> my-08-dry-specs
=======
    websocket-extensions (0.1.5)
>>>>>>> my-09-test-faster
=======
    webmock (3.12.1)
      addressable (>= 2.3.6)
      crack (>= 0.3.2)
      hashdiff (>= 0.4.0, < 2.0.0)
    websocket-driver (0.6.5)
      websocket-extensions (>= 0.1.0)
    websocket-extensions (0.1.5)
>>>>>>> my-10-testing-the-rest
=======
    websocket-extensions (0.1.5)
>>>>>>> my-11-tdd
    xpath (2.1.0)
      nokogiri (~> 1.3)

PLATFORMS
  ruby

DEPENDENCIES
  bootstrap-sass
  byebug
  capybara (~> 2.15.4)
<<<<<<< HEAD
  chromedriver-helper
=======
>>>>>>> my-06-features
  coffee-rails (~> 4.2)
  devise
  factory_bot_rails (~> 4.10.0)
  faker
  geocoder
  jbuilder (~> 2.5)
  jquery-rails
  launchy (~> 2.4.3)
  listen (>= 3.0.5, < 3.2)
  paperclip
  puma (~> 3.7)
  rails (~> 5.1.1)
<<<<<<< HEAD
  rspec-rails (~> 3.8.0)
=======
  rspec-rails (~> 3.6.0)
>>>>>>> my-02-setup
  sass-rails (~> 5.0)
  selenium-webdriver
  shoulda-matchers!
  spring
  spring-commands-rspec
  spring-watcher-listen (~> 2.0.0)
  sqlite3
  turbolinks (~> 5)
  tzinfo-data
  uglifier (>= 1.3.0)
  vcr
  web-console (>= 3.3.0)
<<<<<<< HEAD
<<<<<<< HEAD
  webmock
=======
  webdrivers
>>>>>>> my-06-features
=======
  webmock
>>>>>>> my-10-testing-the-rest

BUNDLED WITH
   1.17.3
